PATH
  remote: .
  specs:
    message (0.0.5)

GEM
  remote: https://rubygems.org/
  specs:
    power_assert (0.1.3)
    rake (10.3.2)
    test-unit (3.0.1)
      power_assert

PLATFORMS
  java
  ruby

DEPENDENCIES
  message!
  rake
  test-unit
