PATH
  remote: .
  specs:
    message (0.0.1)

GEM
  remote: https://rubygems.org/
  specs:
    rake (10.3.2)

PLATFORMS
  java
  ruby

DEPENDENCIES
  message!
  rake
